PATH
  remote: .
  specs:
    roman_converter (0.0.1)

GEM
  remote: https://rubygems.org/
  specs:

PLATFORMS
  ruby

DEPENDENCIES
  roman_converter!
